GEM
  remote: https://rubygems.org/
  specs:
    awesome_print (1.9.2)
    data_uri (0.1.0)
    date (3.3.3)
    debug (1.7.2)
      irb (>= 1.5.0)
      reline (>= 0.3.1)
    ffi (1.15.5)
    ffi-rzmq (2.0.7)
      ffi-rzmq-core (>= 1.0.7)
    ffi-rzmq-core (1.0.7)
      ffi
    io-console (0.6.0)
    irb (1.6.4)
      reline (>= 0.3.0)
    iruby (0.7.4)
      data_uri (~> 0.1)
      ffi-rzmq
      irb
      mime-types (>= 3.3.1)
      multi_json (~> 1.11)
      native-package-installer
    language_server-protocol (3.17.0.3)
    mime-types (3.4.1)
      mime-types-data (~> 3.2015)
    mime-types-data (3.2023.0218.1)
    multi_json (1.15.0)
    native-package-installer (1.1.5)
    prettier_print (1.2.1)
    reline (0.3.3)
      io-console (~> 0.5)
    ruby-lsp (0.4.5)
      language_server-protocol (~> 3.17.0)
      sorbet-runtime
      syntax_tree (>= 6.1.1, < 7)
    sorbet-runtime (0.5.10796)
    syntax_tree (6.1.1)
      prettier_print (>= 1.2.0)

PLATFORMS
  arm64-darwin-21

DEPENDENCIES
  awesome_print
  date
  debug
  iruby
  ruby-lsp

BUNDLED WITH
   2.4.12
